GIT
  remote: https://github.com/sent-hil/open_auth2.git
  revision: 204160d89338ce7065f365f277cfc3ad1d02e24f
  specs:
    open_auth2 (0.10.0)
      activesupport (~> 3.1)
      faraday (~> 0.7)
      json

PATH
  remote: .
  specs:
    saran (0.0.1)
      activesupport (~> 3.1)
      rake (~> 0.9.5)

GEM
  remote: http://rubygems.org/
  specs:
    activesupport (3.2.10)
      i18n (~> 0.6)
      multi_json (~> 1.0)
    addressable (2.3.2)
    coderay (1.0.8)
    crack (0.3.1)
    diff-lcs (1.1.3)
    faraday (0.8.4)
      multipart-post (~> 1.1)
    i18n (0.6.1)
    json (1.7.6)
    method_source (0.8.1)
    multi_json (1.5.0)
    multipart-post (1.1.5)
    pry (0.9.10)
      coderay (~> 1.0.5)
      method_source (~> 0.8)
      slop (~> 3.3.1)
    rake (0.9.6)
    rspec (2.12.0)
      rspec-core (~> 2.12.0)
      rspec-expectations (~> 2.12.0)
      rspec-mocks (~> 2.12.0)
    rspec-core (2.12.2)
    rspec-expectations (2.12.1)
      diff-lcs (~> 1.1.3)
    rspec-mocks (2.12.1)
    slop (3.3.3)
    vcr (2.3.0)
    webmock (1.8.9)
      addressable (>= 2.2.7)
      crack (>= 0.1.7)

PLATFORMS
  ruby

DEPENDENCIES
  open_auth2!
  pry (~> 0.9.1)
  rspec (~> 2.12)
  saran!
  vcr (~> 2.3.0)
  webmock (= 1.8.9)
